GEM
  remote: https://rubygems.org/
  specs:
    rack (2.2.3)
    rake (13.0.3)

PLATFORMS
  ruby

DEPENDENCIES
  rack
  rake

BUNDLED WITH
   2.1.4
